GEM
  remote: https://rubygems.org/
  specs:
    sass (3.4.24)

PLATFORMS
  x64-mingw32

DEPENDENCIES
  sass (= 3.4.24)

BUNDLED WITH
   2.1.4
