GEM
  remote: https://rubygems.org/
  specs:
    ffi (1.15.4)
    ffi (1.15.4-x64-mingw32)
    rb-fsevent (0.11.0)
    rb-inotify (0.10.1)
      ffi (~> 1.0)
    sass (3.7.4)
      sass-listen (~> 4.0.0)
    sass-listen (4.0.0)
      rb-fsevent (~> 0.9, >= 0.9.4)
      rb-inotify (~> 0.9, >= 0.9.7)

PLATFORMS
  ruby
  x64-mingw32

DEPENDENCIES
  sass (= 3.7.4)

BUNDLED WITH
   2.1.4
